GEM
  remote: https://rubygems.org/
  specs:
    pkg-config (1.5.1)
    rmagick (5.2.0)
      pkg-config (~> 1.4)
    tomlrb (2.0.3)

PLATFORMS
  x64-mingw-ucrt
  x86_64-linux

DEPENDENCIES
  rmagick (~> 5.2)
  tomlrb (~> 2.0)

BUNDLED WITH
   2.4.8
